GIT
  remote: https://github.com/foodinme/burgatron.git
  revision: fe5d560b65ada4cc7bb494f5a5c5ef9fab9c0eba
  specs:
    burgatron (0.0.2)
      foursquare2
      yelpster

GEM
  remote: https://rubygems.org/
  specs:
    coderay (1.1.3)
    coffee-script (2.4.1)
      coffee-script-source
      execjs
    coffee-script-source (1.12.2)
    concurrent-ruby (1.2.2)
    execjs (2.8.1)
    faraday (0.17.6)
      multipart-post (>= 1.2, < 3)
    faraday_middleware (0.14.0)
      faraday (>= 0.7.4, < 1.0)
    foursquare2 (2.0.2)
      faraday (~> 0.8)
      faraday_middleware (>= 0.8)
      hashie (>= 1.0, < 4.0.0)
    haml (6.1.1)
      temple (>= 0.8.2)
      thor
      tilt
    hashie (3.6.0)
    json (2.6.3)
    method_source (1.0.0)
    multi_json (1.15.0)
    multipart-post (2.3.0)
    mustermann (3.0.0)
      ruby2_keywords (~> 0.0.1)
    nio4r (2.5.8)
    oauth (1.1.0)
      oauth-tty (~> 1.0, >= 1.0.1)
      snaky_hash (~> 2.0)
      version_gem (~> 1.1)
    oauth-tty (1.0.5)
      version_gem (~> 1.1, >= 1.1.1)
    pg (1.4.6)
    pry (0.14.2)
      coderay (~> 1.1)
      method_source (~> 1.0)
    puma (6.1.1)
      nio4r (~> 2.0)
    rack (2.2.6.4)
    rack-protection (3.0.5)
      rack
    rake (13.0.6)
    ruby2_keywords (0.0.5)
    sass (3.3.14)
    sequel (5.66.0)
    sinatra (3.0.5)
      mustermann (~> 3.0)
      rack (~> 2.2, >= 2.2.4)
      rack-protection (= 3.0.5)
      tilt (~> 2.0)
    sinatra-asset-pipeline (0.5.0)
      coffee-script
      rake
      sass
      sinatra
      sprockets
      sprockets-helpers
      sprockets-sass
    sinatra-contrib (3.0.5)
      multi_json
      mustermann (~> 3.0)
      rack-protection (= 3.0.5)
      sinatra (= 3.0.5)
      tilt (~> 2.0)
    snaky_hash (2.0.1)
      hashie
      version_gem (~> 1.1, >= 1.1.1)
    sprockets (3.7.2)
      concurrent-ruby (~> 1.0)
      rack (> 1, < 3)
    sprockets-helpers (1.4.0)
      sprockets (>= 2.2)
    sprockets-sass (2.0.0.beta2)
      sprockets (>= 2.0, < 4.0)
    temple (0.10.0)
    thor (1.2.1)
    tilt (2.1.0)
    version_gem (1.1.2)
    yelpster (1.3.0)
      json (>= 1.1.1)
      oauth (>= 0.4.5)

PLATFORMS
  arm64-darwin-22

DEPENDENCIES
  burgatron!
  coffee-script
  haml
  json
  pg
  pry
  puma (~> 6.1)
  sass (~> 3.3.0)
  sequel
  sinatra
  sinatra-asset-pipeline
  sinatra-contrib

BUNDLED WITH
   2.4.9
